GIT
  remote: https://github.com/versoft/mokio.git
  revision: 7ed5703cecfc49aefbcd115d35db2ba7e7dace9d
  branch: 0.0.10
  specs:
    mokio (0.0.11)
      acts_as_list 
      amoeba 
      ancestry
      bootstrap-switch-rails 
      bootstrap-wysihtml5-rails
      cancancan 
      carrierwave 
      ckeditor 
      coffee-rails 
      deface 
      devise 
      disqus 
      fancybox2-rails 
      faraday 
      friendly_id 
      haml-rails 
      jquery-datatables-rails 
      jquery-fileupload-rails 
      jquery-rails 
      jquery-ui-rails 
      mini_magick 
      rails 
      rake 
      rmagick 
      role_model 
      sass-rails 
      simple_form 
      slim-rails
      sunspot_rails 
      uglifier
      validates 
      video_info 
      will_paginate 
      youtube_it 

PATH
  remote: .
  specs:
    mokio_skins (0.0.1)
      carrierwave 
      coffee-rails 
      rubyzip
      sass-rails 

GEM
  remote: https://rubygems.org/
  specs:
    actionmailer 
      actionpack 
      actionview 
      mail
    actionpack 
      actionview 
      activesupport 
      rack 
      rack-test 
    actionview 
      activesupport 
      builder 
      erubis
    activemodel
      activesupport 
      builder
    activerecord 
      activemodel 
      activesupport 
      arel
    activesuppor
      i18n 
      json 
      minitest 
      thread_safe 
      tzinfo 
    acts_as_list 
      activerecord 
    addressable 
    amoeba 
      activerecord 
    ancestry 
      activerecord
    arel 
    bcrypt
    bootstrap-switch-rails 
    bootstrap-wysihtml5-rails 
      railties 
    builder 
    cancancan 
    carrierwave 
      activemodel 
      activesupport
      json 
      mime-types 
    ckeditor 
      cocaine
      orm_adapter 
    climate_control
      activesupport 
    cocaine 
      climate_control 
    coffee-rails
      coffee-script
      railties
    coffee-script 
      coffee-script-source
      execjs
    coffee-script-source 
    colorize 
    deface 
      colorize
      nokogiri 
      polyglot
      rails 
    devise 
      bcrypt 
      orm_adapter 
      railties 
      responders
      thread_safe
      warden 
    diff-lcs 
    disqus 
      json
    erubis
    excon 
    execjs 
    factory_girl 
      activesupport
    factory_girl_rails 
      factory_girl
      railties 
    fancybox2-rails 
      railties 
    faraday 
      multipart-post
    friendly_id 
      activerecord 
    haml 
      tilt
    haml-rails 
      actionpack
      activesupport
      haml 
      html2haml 
      railties 
    hike 
    hpricot
    html2haml 
      erubis 
      haml 
      hpricot
      ruby_parser
    htmlentities 
    i18n 
    jquery-datatables-rails 
      jquery-rails
    jquery-fileupload-rails 
      actionpack 
      railties
    jquery-rails
      railties
      thor 
    jquery-ui-rails 
      railties 
    json 
    jwt 
    mail 
      mime-types 
      treetop 
    mime-types 
    mini_magick 
      subexec 
    mini_portile 
    minitest 
    multi_json 
    multi_xml 
    multipart-post 
    mysql2 
    nokogiri
      mini_portile 
    oauth 
    oauth2 
      faraday 
      jwt
      multi_json 
      multi_xml 
      rack 
    orm_adapter 
    polyglot 
    pr_geohash 
    rack 
    rack-test 
      rack 
    rails 
      actionmailer 
      actionpack 
      actionview 
      activemodel 
      activerecord 
      activesupport 
      bundler 
      railties 
      sprockets-rails 
    railties 
      actionpack 
      activesupport 
      rake 
      thor 
    rake 
    responders
      railties
    rmagick 
    role_model
    rsolr 
      builder 
    rspec-core 
    rspec-expectation
      diff-lcs 
    rspec-mocks 
    rspec-rails 
      actionpack 
      activesupport 
      railties 
      rspec-core 
      rspec-expectations 
      rspec-mocks 
    ruby_parser 
      sexp_processor 
    rubyzip 
    sass
    sass-rails 
      railties 
      sass 
      sprockets 
      sprockets-rails 
    sexp_processor 
    simple_form 
      actionpack 
      activemodel 
    simple_oauth 
    slim 
      temple
      tilt
    slim-rails 
      actionpack 
      activesupport
      railties 
      slim 
    sprockets
      hike 
      multi_json
      rack 
      tilt
    sprockets-rails 
      actionpack
      activesupport 
      sprockets 
    subexec 
    sunspot 
      pr_geohash 
      rsolr 
    sunspot_rails 
      nokogiri
      rails 
      sunspot 
    temple 
    thor
    thread_safe 
    tilt 
    treetop 
      polyglot
      polyglot 
    tzinfo 
      thread_safe 
    uglifier 
      execjs 
      multi_json 
    validates
      activemodel 
      activesupport 
    video_info 
      addressable
      htmlentities
      multi_json
    warden 
      rack 
    will_paginate 
    youtube_it 
      builder
      excon
      faraday 
      json
      nokogiri
      oauth 
      oauth2 
      simple_oauth

PLATFORMS
  ruby

DEPENDENCIES
  factory_girl_rails (~> 4.0)
  minitest
  mokio!
  mokio_skins!
  mysql2
  rspec-rails (~> 2.12.2)
